GEM
  remote: https://rubygems.org/
  specs:
    deprecated (3.0.1)
    escape (0.0.4)
    exifr (1.1.3)
    ipaddress (0.8.0)
    maid (0.3.0)
      deprecated (~> 3.0.0)
      escape (>= 0.0.1, < 0.1.0)
      ohai (>= 6.14.0, < 6.17.0)
      thor (>= 0.14.0, < 0.18.0)
      xdg (~> 2.2.3)
    mixlib-cli (1.3.0)
    mixlib-config (1.1.2)
    mixlib-log (1.6.0)
    mixlib-shellout (1.1.0)
    ohai (6.16.0)
      ipaddress
      mixlib-cli
      mixlib-config
      mixlib-log
      mixlib-shellout
      systemu
      yajl-ruby
    systemu (2.5.2)
    thor (0.17.0)
    xdg (2.2.3)
    yajl-ruby (1.4.1)

PLATFORMS
  ruby

DEPENDENCIES
  exifr
  maid
